GEM
  remote: https://rubygems.org/
  specs:
    activemodel (7.2.2.1)
      activesupport (= 7.2.2.1)
    activesupport (7.2.2.1)
      base64
      benchmark (>= 0.3)
      bigdecimal
      concurrent-ruby (~> 1.0, >= 1.3.1)
      connection_pool (>= 2.2.5)
      drb
      i18n (>= 1.6, < 2)
      logger (>= 1.4.2)
      minitest (>= 5.1)
      securerandom (>= 0.3)
      tzinfo (~> 2.0, >= 2.0.5)
    addressable (2.8.7)
      public_suffix (>= 2.0.2, < 7.0)
    amazing_print (1.7.2)
    ast (2.4.2)
    base64 (0.2.0)
    benchmark (0.4.0)
    bigdecimal (3.1.9)
    bridgetown (1.3.4)
      bridgetown-builder (= 1.3.4)
      bridgetown-core (= 1.3.4)
      bridgetown-paginate (= 1.3.4)
    bridgetown-builder (1.3.4)
      bridgetown-core (= 1.3.4)
    bridgetown-core (1.3.4)
      activemodel (>= 6.0, < 8.0)
      activesupport (>= 6.0, < 8.0)
      addressable (~> 2.4)
      amazing_print (~> 1.2)
      colorator (~> 1.0)
      csv (~> 3.2)
      erubi (~> 1.9)
      faraday (~> 2.0)
      faraday-follow_redirects (~> 0.3)
      hash_with_dot_access (~> 1.2)
      i18n (~> 1.0)
      kramdown (~> 2.1)
      kramdown-parser-gfm (~> 1.0)
      liquid (>= 5.0, < 5.5)
      listen (~> 3.0)
      rake (>= 13.0)
      roda (~> 3.46)
      rouge (>= 3.0, < 5.0)
      serbea (~> 1.0)
      thor (~> 1.1)
      tilt (~> 2.0)
      zeitwerk (~> 2.5)
    bridgetown-feed (3.1.2)
      bridgetown (>= 1.2.0.beta2, < 2.0)
    bridgetown-paginate (1.3.4)
      bridgetown-core (= 1.3.4)
    bridgetown-seo-tag (6.0.0)
      bridgetown (>= 1.2.0.beta5, < 2.0)
    bridgetown-sitemap (3.0.0)
      bridgetown (>= 1.3.0, < 3.0)
    bridgetown-svg-inliner (2.0.0)
      bridgetown (>= 1.2.0, < 2.0)
      nokogiri
    colorator (1.1.0)
    concurrent-ruby (1.3.5)
    connection_pool (2.5.0)
    csv (3.3.2)
    drb (2.2.1)
    erubi (1.13.1)
    faraday (2.12.2)
      faraday-net_http (>= 2.0, < 3.5)
      json
      logger
    faraday-follow_redirects (0.3.0)
      faraday (>= 1, < 3)
    faraday-net_http (3.4.0)
      net-http (>= 0.5.0)
    ffi (1.17.1-aarch64-linux-gnu)
    ffi (1.17.1-aarch64-linux-musl)
    ffi (1.17.1-arm-linux-gnu)
    ffi (1.17.1-arm-linux-musl)
    ffi (1.17.1-arm64-darwin)
    ffi (1.17.1-x86_64-darwin)
    ffi (1.17.1-x86_64-linux-gnu)
    ffi (1.17.1-x86_64-linux-musl)
    hash_with_dot_access (1.2.0)
      activesupport (>= 5.0.0, < 8.0)
    i18n (1.14.7)
      concurrent-ruby (~> 1.0)
    json (2.10.1)
    kramdown (2.5.1)
      rexml (>= 3.3.9)
    kramdown-parser-gfm (1.1.0)
      kramdown (~> 2.0)
    language_server-protocol (3.17.0.4)
    lint_roller (1.1.0)
    liquid (5.4.0)
    listen (3.9.0)
      rb-fsevent (~> 0.10, >= 0.10.3)
      rb-inotify (~> 0.9, >= 0.9.10)
    logger (1.6.6)
    minitest (5.25.4)
    net-http (0.6.0)
      uri
    nio4r (2.7.4)
    nokogiri (1.18.3-aarch64-linux-gnu)
      racc (~> 1.4)
    nokogiri (1.18.3-aarch64-linux-musl)
      racc (~> 1.4)
    nokogiri (1.18.3-arm-linux-gnu)
      racc (~> 1.4)
    nokogiri (1.18.3-arm-linux-musl)
      racc (~> 1.4)
    nokogiri (1.18.3-arm64-darwin)
      racc (~> 1.4)
    nokogiri (1.18.3-x86_64-darwin)
      racc (~> 1.4)
    nokogiri (1.18.3-x86_64-linux-gnu)
      racc (~> 1.4)
    nokogiri (1.18.3-x86_64-linux-musl)
      racc (~> 1.4)
    parallel (1.26.3)
    parser (3.3.7.1)
      ast (~> 2.4.1)
      racc
    prism (1.3.0)
    public_suffix (6.0.1)
    puma (6.6.0)
      nio4r (~> 2.0)
    racc (1.8.1)
    rack (3.1.11)
    rainbow (3.1.1)
    rake (13.2.1)
    rb-fsevent (0.11.2)
    rb-inotify (0.11.1)
      ffi (~> 1.0)
    regexp_parser (2.10.0)
    rexml (3.4.1)
    roda (3.89.0)
      rack
    rouge (4.5.1)
    rubocop (1.73.2)
      json (~> 2.3)
      language_server-protocol (~> 3.17.0.2)
      lint_roller (~> 1.1.0)
      parallel (~> 1.10)
      parser (>= 3.3.0.2)
      rainbow (>= 2.2.2, < 4.0)
      regexp_parser (>= 2.9.3, < 3.0)
      rubocop-ast (>= 1.38.0, < 2.0)
      ruby-progressbar (~> 1.7)
      unicode-display_width (>= 2.4.0, < 4.0)
    rubocop-ast (1.38.1)
      parser (>= 3.3.1.0)
    rubocop-performance (1.24.0)
      lint_roller (~> 1.1)
      rubocop (>= 1.72.1, < 2.0)
      rubocop-ast (>= 1.38.0, < 2.0)
    rubocop-rake (0.7.1)
      lint_roller (~> 1.1)
      rubocop (>= 1.72.1)
    ruby-progressbar (1.13.0)
    runger_style (5.5.0)
      prism (>= 0.24.0)
      rubocop (>= 1.72.0)
    securerandom (0.4.1)
    serbea (1.0.1)
      activesupport (>= 6.0)
      erubi (>= 1.10)
      tilt (~> 2.0)
    thor (1.3.2)
    tilt (2.6.0)
    tzinfo (2.0.6)
      concurrent-ruby (~> 1.0)
    unicode-display_width (3.1.4)
      unicode-emoji (~> 4.0, >= 4.0.4)
    unicode-emoji (4.0.4)
    uri (1.0.3)
    zeitwerk (2.7.2)

PLATFORMS
  aarch64-linux-gnu
  aarch64-linux-musl
  arm-linux-gnu
  arm-linux-musl
  arm64-darwin
  x86_64-darwin
  x86_64-linux-gnu
  x86_64-linux-musl

DEPENDENCIES
  bridgetown (~> 1.3.4)
  bridgetown-feed
  bridgetown-seo-tag
  bridgetown-sitemap
  bridgetown-svg-inliner
  puma
  rubocop-performance
  rubocop-rake
  runger_style

CHECKSUMS
  activemodel (7.2.2.1) sha256=8398861f9ee2c4671a8357ab39e9b38a045fd656f6685a3dd5890c2419dbfdaf
  activesupport (7.2.2.1) sha256=842bcbf8a92977f80fb4750661a237cf5dd4fdd442066b3c35e88afb488647f5
  addressable (2.8.7) sha256=462986537cf3735ab5f3c0f557f14155d778f4b43ea4f485a9deb9c8f7c58232
  amazing_print (1.7.2) sha256=c89a1dfe4f8508c1e780871d51b8786efd100f625201f6e1d18a0d4dedaac702
  ast (2.4.2) sha256=1e280232e6a33754cde542bc5ef85520b74db2aac73ec14acef453784447cc12
  base64 (0.2.0) sha256=0f25e9b21a02a0cc0cea8ef92b2041035d39350946e8789c562b2d1a3da01507
  benchmark (0.4.0) sha256=0f12f8c495545e3710c3e4f0480f63f06b4c842cc94cec7f33a956f5180e874a
  bigdecimal (3.1.9) sha256=2ffc742031521ad69c2dfc815a98e426a230a3d22aeac1995826a75dabfad8cc
  bridgetown (1.3.4) sha256=9270cd2b23b80269c810574f1444d3dd98e13696851bc8326907f2f37ddadeed
  bridgetown-builder (1.3.4) sha256=80dc3c62a8b949cd4ce9e98a52dfeda42d8d4052d3d9a199c41e78331873de89
  bridgetown-core (1.3.4) sha256=7142763293093eda88fb1f33fdbd620a0cbb0acf0dd8be3feee38ec256279615
  bridgetown-feed (3.1.2) sha256=7dbea8743f401818951de92cb7ae47f9c4069db0449f41e57dc03d4b17a6db77
  bridgetown-paginate (1.3.4) sha256=27b617154ec3a4725aa5ef13aa04951d3daada61e95fd7aaf190830bcf972487
  bridgetown-seo-tag (6.0.0) sha256=7cf4cc04cf5517f7bb99b89c3b3b41b3b57e5eeee52264a6de7d4e7d598e7bfd
  bridgetown-sitemap (3.0.0) sha256=3992fcd4c030bb0f95a05aa2a88a6f41d1e7f2b5c04a6d67970c37f34b069102
  bridgetown-svg-inliner (2.0.0) sha256=7399cbd8204405e684174d16208c7bf4237c413447202d98f8abd6cce6817752
  colorator (1.1.0) sha256=e2f85daf57af47d740db2a32191d1bdfb0f6503a0dfbc8327d0c9154d5ddfc38
  concurrent-ruby (1.3.5) sha256=813b3e37aca6df2a21a3b9f1d497f8cbab24a2b94cab325bffe65ee0f6cbebc6
  connection_pool (2.5.0) sha256=233b92f8d38e038c1349ccea65dd3772727d669d6d2e71f9897c8bf5cd53ebfc
  csv (3.3.2) sha256=6ff0c135e65e485d1864dde6c1703b60d34cc9e19bed8452834a0b28a519bd4e
  drb (2.2.1) sha256=e9d472bf785f558b96b25358bae115646da0dbfd45107ad858b0bc0d935cb340
  erubi (1.13.1) sha256=a082103b0885dbc5ecf1172fede897f9ebdb745a4b97a5e8dc63953db1ee4ad9
  faraday (2.12.2) sha256=157339c25c7b8bcb739f5cf1207cb0cefe8fa1c65027266bcbc34c90c84b9ad6
  faraday-follow_redirects (0.3.0) sha256=d92d975635e2c7fe525dd494fcd4b9bb7f0a4a0ec0d5f4c15c729530fdb807f9
  faraday-net_http (3.4.0) sha256=a1f1e4cd6a2cf21599c8221595e27582d9936819977bbd4089a601f24c64e54a
  ffi (1.17.1-aarch64-linux-gnu) sha256=c5d22cb545a3a691d46060f1343c461d1a8d38c3fd71b96b4cbbe6906bf1fd38
  ffi (1.17.1-aarch64-linux-musl) sha256=88b9d6ae905d21142df27c94bb300042c1aae41b67291885f600eaad16326b1d
  ffi (1.17.1-arm-linux-gnu) sha256=fe14f5ece94082f3b0e651a09008113281f2764e7ea95f522b64e2fe32e11504
  ffi (1.17.1-arm-linux-musl) sha256=df14927ca7bd9095148a7d1938bb762bbf189d190cf25d9547395ec7acc198a0
  ffi (1.17.1-arm64-darwin) sha256=a8e04f79d375742c54ee7f9fff4b4022b87200a4ec0eb082128d3b6559e67b4d
  ffi (1.17.1-x86_64-darwin) sha256=0036199c290462dd7f03bc22933644c1685b7834a21788062bd5df48c72aa7a6
  ffi (1.17.1-x86_64-linux-gnu) sha256=8c0ade2a5d19f3672bccfe3b58e016ae5f159e3e2e741c856db87fcf07c903d0
  ffi (1.17.1-x86_64-linux-musl) sha256=3a343086820c96d6fbea4a5ef807fb69105b2b8174678f103b3db210c3f78401
  hash_with_dot_access (1.2.0) sha256=79d55a2698f1682e64763e959c695c9b7e60e3ae99e621a685bec69b8a809313
  i18n (1.14.7) sha256=ceba573f8138ff2c0915427f1fc5bdf4aa3ab8ae88c8ce255eb3ecf0a11a5d0f
  json (2.10.1) sha256=ddc88ad91a1baf3f0038c174f253af3b086d30dc74db17ca4259bbde982f94dc
  kramdown (2.5.1) sha256=87bbb6abd9d3cebe4fc1f33e367c392b4500e6f8fa19dd61c0972cf4afe7368c
  kramdown-parser-gfm (1.1.0) sha256=fb39745516427d2988543bf01fc4cf0ab1149476382393e0e9c48592f6581729
  language_server-protocol (3.17.0.4) sha256=c484626478664fd13482d8180947c50a8590484b1258b99b7aedb3b69df89669
  lint_roller (1.1.0) sha256=2c0c845b632a7d172cb849cc90c1bce937a28c5c8ccccb50dfd46a485003cc87
  liquid (5.4.0) sha256=e362448c71cb88683d9c2df2819d7e47da3cdb37f757d0c99e3400d7e0030d40
  listen (3.9.0) sha256=db9e4424e0e5834480385197c139cb6b0ae0ef28cc13310cfd1ca78377d59c67
  logger (1.6.6) sha256=dd618d24e637715472732e7eed02e33cfbdf56deaad225edd0f1f89d38024017
  minitest (5.25.4) sha256=9cf2cae25ac4dfc90c988ebc3b917f53c054978b673273da1bd20bcb0778f947
  net-http (0.6.0) sha256=9621b20c137898af9d890556848c93603716cab516dc2c89b01a38b894e259fb
  nio4r (2.7.4) sha256=d95dee68e0bb251b8ff90ac3423a511e3b784124e5db7ff5f4813a220ae73ca9
  nokogiri (1.18.3-aarch64-linux-gnu) sha256=cab20305133078a8f6b60cf96311b48319175038cc7772e5ec586ff624cb7838
  nokogiri (1.18.3-aarch64-linux-musl) sha256=acb256bb3213a180b1ed84a49c06d5d4c6c1da26f33bc9681f1fece4dab09a79
  nokogiri (1.18.3-arm-linux-gnu) sha256=37b73a55e0d1e8a058a24abb16868903e81cb4773049739c532b864f87236b1b
  nokogiri (1.18.3-arm-linux-musl) sha256=09407970cd13736cf87e975fae69c13e1178bab0313d07b35580ee4dd3650793
  nokogiri (1.18.3-arm64-darwin) sha256=ce088965cd424b8e752d82087dcf017069d55791f157098ed1f671d966857610
  nokogiri (1.18.3-x86_64-darwin) sha256=d729406bb5a7b1bbe7ed3c0922336dd2c46085ed444d6de2a0a4c33950a4edea
  nokogiri (1.18.3-x86_64-linux-gnu) sha256=3c7ad5cee39855ed9c746065f39b584b9fd2aaff61df02d0f85ba8d671bbe497
  nokogiri (1.18.3-x86_64-linux-musl) sha256=8aaecc22c0e5f12dac613e15f9a04059c3ec859d6f98f493cc831bd88fe8e731
  parallel (1.26.3) sha256=d86babb7a2b814be9f4b81587bf0b6ce2da7d45969fab24d8ae4bf2bb4d4c7ef
  parser (3.3.7.1) sha256=7dbe61618025519024ac72402a6677ead02099587a5538e84371b76659e6aca1
  prism (1.3.0) sha256=b11620829831b1cb7e6c9b46c81ff8a6e36ccb3f888f164485eb7351f386273a
  public_suffix (6.0.1) sha256=61d44e1cab5cbbbe5b31068481cf16976dd0dc1b6b07bd95617ef8c5e3e00c6f
  puma (6.6.0) sha256=f25c06873eb3d5de5f0a4ebc783acc81a4ccfe580c760cfe323497798018ad87
  racc (1.8.1) sha256=4a7f6929691dbec8b5209a0b373bc2614882b55fc5d2e447a21aaa691303d62f
  rack (3.1.11) sha256=2b1111a754890d57e7bccefe3a8be28c0f9c02b43433b5a1276c07773e16e8f7
  rainbow (3.1.1) sha256=039491aa3a89f42efa1d6dec2fc4e62ede96eb6acd95e52f1ad581182b79bc6a
  rake (13.2.1) sha256=46cb38dae65d7d74b6020a4ac9d48afed8eb8149c040eccf0523bec91907059d
  rb-fsevent (0.11.2) sha256=43900b972e7301d6570f64b850a5aa67833ee7d87b458ee92805d56b7318aefe
  rb-inotify (0.11.1) sha256=a0a700441239b0ff18eb65e3866236cd78613d6b9f78fea1f9ac47a85e47be6e
  regexp_parser (2.10.0) sha256=cb6f0ddde88772cd64bff1dbbf68df66d376043fe2e66a9ef77fcb1b0c548c61
  rexml (3.4.1) sha256=c74527a9a0a04b4ec31dbe0dc4ed6004b960af943d8db42e539edde3a871abca
  roda (3.89.0) sha256=cc6df44d7bf6a408470f730ea1e4102691bef7022c5fa4326173261b1af9aae8
  rouge (4.5.1) sha256=2ac81c6dee7019bbc6600d4c2d641d730d65c165941400ebd924259067e690dd
  rubocop (1.73.2) sha256=35cd1b1365ba97234323fe771abcecd09c9b77098464cd726c76aa7d9bc12b5d
  rubocop-ast (1.38.1) sha256=80ecbe2ac9bb26693cab9405bf72b41b85a1f909f20f021b983c32c2e7d857fe
  rubocop-performance (1.24.0) sha256=e5bd39ff3e368395b9af886927cc37f5892f43db4bd6c8526594352d5b4440b5
  rubocop-rake (0.7.1) sha256=3797f2b6810c3e9df7376c26d5f44f3475eda59eb1adc38e6f62ecf027cbae4d
  ruby-progressbar (1.13.0) sha256=80fc9c47a9b640d6834e0dc7b3c94c9df37f08cb072b7761e4a71e22cff29b33
  runger_style (5.5.0) sha256=7ff3ca0acd9dc2b9ca904c3a18a365214466921eb0f0b25ff72818b05474c576
  securerandom (0.4.1) sha256=cc5193d414a4341b6e225f0cb4446aceca8e50d5e1888743fac16987638ea0b1
  serbea (1.0.1) sha256=d9c30f0261b64ddc8b0fe6f0d5a6469ec21b5c4e4fa04a41e41ec981258cda04
  thor (1.3.2) sha256=eef0293b9e24158ccad7ab383ae83534b7ad4ed99c09f96f1a6b036550abbeda
  tilt (2.6.0) sha256=263d748466e0d83e510aa1a2e2281eff547937f0ef06be33d3632721e255f76b
  tzinfo (2.0.6) sha256=8daf828cc77bcf7d63b0e3bdb6caa47e2272dcfaf4fbfe46f8c3a9df087a829b
  unicode-display_width (3.1.4) sha256=8caf2af1c0f2f07ec89ef9e18c7d88c2790e217c482bfc78aaa65eadd5415ac1
  unicode-emoji (4.0.4) sha256=2c2c4ef7f353e5809497126285a50b23056cc6e61b64433764a35eff6c36532a
  uri (1.0.3) sha256=e9f2244608eea2f7bc357d954c65c910ce0399ca5e18a7a29207ac22d8767011
  zeitwerk (2.7.2) sha256=842e067cb11eb923d747249badfb5fcdc9652d6f20a1f06453317920fdcd4673

RUBY VERSION
   ruby 3.4.2p28

BUNDLED WITH
   2.6.3
